GIT
  remote: https://github.com/everypolitician/combine_popolo_memberships.git
  revision: 5769841c55abc712ce59835a0fb944b1de12d982
  specs:
    combine_popolo_memberships (0.2.0)

GIT
  remote: https://github.com/everypolitician/scraped.git
  revision: 7fd43913456af49d32e882d0cb79f3da1f5117ef
  specs:
    scraped (0.6.2)
      field_serializer (>= 0.3.0)
      nokogiri
      require_all

GIT
  remote: https://github.com/everypolitician/scraped_page_archive.git
  revision: a998412b541769fa205406aa56aee1cbb17c99bb
  specs:
    scraped_page_archive (0.5.0)
      git (~> 1.3.0)
      vcr-archive (~> 0.3.0)

GIT
  remote: https://github.com/everypolitician/scraper_test.git
  revision: 9b4326c1e04ea7c8caf368d99bb5ac3711726199
  specs:
    scraper_test (0.1.0)
      minitest (~> 5.0)
      pry
      vcr (>= 3.0.3)
      webmock (>= 2.0)

GIT
  remote: https://github.com/everypolitician/table_unspanner.git
  revision: 238e7f90a8ff00f155cd60b811a89fc79a45b4fc
  specs:
    table_unspanner (0.1.1)
      nokogiri

GIT
  remote: https://github.com/openaustralia/scraperwiki-ruby.git
  revision: fc50176812505e463077d5c673d504a6a234aa78
  branch: morph_defaults
  specs:
    scraperwiki (3.0.1)
      httpclient
      sqlite_magic

GEM
  remote: https://rubygems.org/
  specs:
    addressable (2.8.0)
      public_suffix (>= 2.0.2, < 5.0)
    coderay (1.1.3)
    crack (0.4.5)
      rexml
    field_serializer (0.3.0)
    git (1.3.0)
    hashdiff (1.0.1)
    httpclient (2.8.3)
    method_source (1.0.0)
    mini_portile2 (2.7.1)
    minitest (5.15.0)
    nokogiri (1.13.0)
      mini_portile2 (~> 2.7.0)
      racc (~> 1.4)
    pry (0.14.1)
      coderay (~> 1.1)
      method_source (~> 1.0)
    public_suffix (4.0.6)
    racc (1.6.0)
    require_all (3.0.0)
    rexml (3.2.5)
    sqlite3 (1.4.2)
    sqlite_magic (0.0.6)
      sqlite3
    vcr (3.0.3)
    vcr-archive (0.3.0)
      vcr (~> 3.0.2)
      webmock (~> 2.0.3)
    webmock (2.0.3)
      addressable (>= 2.3.6)
      crack (>= 0.3.2)
      hashdiff

PLATFORMS
  ruby

DEPENDENCIES
  combine_popolo_memberships!
  nokogiri
  pry
  scraped!
  scraped_page_archive!
  scraper_test!
  scraperwiki!
  table_unspanner!

RUBY VERSION
   ruby 2.6.0p0

BUNDLED WITH
   1.17.2
